GEM
  remote: https://rubygems.org/
  specs:
    IPinfo (1.0.1)
      faraday (~> 1.0)
      json (~> 2.1)
      lru_redux (~> 1.1)
    actioncable (8.0.1)
      actionpack (= 8.0.1)
      activesupport (= 8.0.1)
      nio4r (~> 2.0)
      websocket-driver (>= 0.6.1)
      zeitwerk (~> 2.6)
    actionmailbox (8.0.1)
      actionpack (= 8.0.1)
      activejob (= 8.0.1)
      activerecord (= 8.0.1)
      activestorage (= 8.0.1)
      activesupport (= 8.0.1)
      mail (>= 2.8.0)
    actionmailer (8.0.1)
      actionpack (= 8.0.1)
      actionview (= 8.0.1)
      activejob (= 8.0.1)
      activesupport (= 8.0.1)
      mail (>= 2.8.0)
      rails-dom-testing (~> 2.2)
    actionpack (8.0.1)
      actionview (= 8.0.1)
      activesupport (= 8.0.1)
      nokogiri (>= 1.8.5)
      rack (>= 2.2.4)
      rack-session (>= 1.0.1)
      rack-test (>= 0.6.3)
      rails-dom-testing (~> 2.2)
      rails-html-sanitizer (~> 1.6)
      useragent (~> 0.16)
    actiontext (8.0.1)
      actionpack (= 8.0.1)
      activerecord (= 8.0.1)
      activestorage (= 8.0.1)
      activesupport (= 8.0.1)
      globalid (>= 0.6.0)
      nokogiri (>= 1.8.5)
    actionview (8.0.1)
      activesupport (= 8.0.1)
      builder (~> 3.1)
      erubi (~> 1.11)
      rails-dom-testing (~> 2.2)
      rails-html-sanitizer (~> 1.6)
    active_model_serializers (0.10.15)
      actionpack (>= 4.1)
      activemodel (>= 4.1)
      case_transform (>= 0.2)
      jsonapi-renderer (>= 0.1.1.beta1, < 0.3)
    active_storage_validations (2.0.2)
      activejob (>= 6.1.4)
      activemodel (>= 6.1.4)
      activestorage (>= 6.1.4)
      activesupport (>= 6.1.4)
      marcel (>= 1.0.3)
    activejob (8.0.1)
      activesupport (= 8.0.1)
      globalid (>= 0.3.6)
    activemodel (8.0.1)
      activesupport (= 8.0.1)
    activerecord (8.0.1)
      activemodel (= 8.0.1)
      activesupport (= 8.0.1)
      timeout (>= 0.4.0)
    activerecord-import (2.1.0)
      activerecord (>= 4.2)
    activestorage (8.0.1)
      actionpack (= 8.0.1)
      activejob (= 8.0.1)
      activerecord (= 8.0.1)
      activesupport (= 8.0.1)
      marcel (~> 1.0)
    activestorage-cloudinary-service (0.2.3)
    activesupport (8.0.1)
      base64
      benchmark (>= 0.3)
      bigdecimal
      concurrent-ruby (~> 1.0, >= 1.3.1)
      connection_pool (>= 2.2.5)
      drb
      i18n (>= 1.6, < 2)
      logger (>= 1.4.2)
      minitest (>= 5.1)
      securerandom (>= 0.3)
      tzinfo (~> 2.0, >= 2.0.5)
      uri (>= 0.13.1)
    acts_as_list (1.2.4)
      activerecord (>= 6.1)
      activesupport (>= 6.1)
    addressable (2.8.7)
      public_suffix (>= 2.0.2, < 7.0)
    airbrussh (1.5.3)
      sshkit (>= 1.6.1, != 1.7.0)
    amazing_print (1.7.2)
    annotate (2.6.5)
      activerecord (>= 2.3.0)
      rake (>= 0.8.7)
    ast (2.4.3)
    aws-eventstream (1.3.2)
    aws-partitions (1.1086.0)
    aws-sdk-core (3.121.5)
      aws-eventstream (~> 1, >= 1.0.2)
      aws-partitions (~> 1, >= 1.520.1)
      aws-sigv4 (~> 1.1)
      jmespath (~> 1.0)
    aws-sdk-kms (1.50.0)
      aws-sdk-core (~> 3, >= 3.121.2)
      aws-sigv4 (~> 1.1)
    aws-sdk-s3 (1.104.0)
      aws-sdk-core (~> 3, >= 3.121.2)
      aws-sdk-kms (~> 1)
      aws-sigv4 (~> 1.4)
    aws-sigv4 (1.11.0)
      aws-eventstream (~> 1, >= 1.0.2)
    aws_cf_signer (0.1.3)
    backport (1.2.0)
    base64 (0.2.0)
    bcrypt (3.1.20)
    benchmark (0.4.0)
    better_errors (2.10.1)
      erubi (>= 1.0.0)
      rack (>= 0.9.0)
      rouge (>= 1.0.0)
    bigdecimal (3.1.9)
    bindex (0.8.1)
    binding_of_caller (1.0.1)
      debug_inspector (>= 1.2.0)
    birthday (0.3.1)
      activerecord
      activesupport
    bootsnap (1.18.4)
      msgpack (~> 1.2)
    builder (3.3.0)
    capistrano (3.16.0)
      airbrussh (>= 1.0.0)
      i18n
      rake (>= 10.0.0)
      sshkit (>= 1.9.0)
    capistrano-bundler (2.1.1)
      capistrano (~> 3.1)
    capistrano-rails (1.7.0)
      capistrano (~> 3.1)
      capistrano-bundler (>= 1.1, < 3)
    capybara (3.40.0)
      addressable
      matrix
      mini_mime (>= 0.1.3)
      nokogiri (~> 1.11)
      rack (>= 1.6.0)
      rack-test (>= 0.6.3)
      regexp_parser (>= 1.5, < 3.0)
      xpath (~> 3.2)
    case_transform (0.2)
      activesupport
    childprocess (5.1.0)
      logger (~> 1.5)
    chronic (0.10.2)
    cloudinary (1.29.0)
      aws_cf_signer
      rest-client (>= 2.0.0)
    coderay (1.1.3)
    concurrent-ruby (1.3.5)
    connection_pool (2.5.0)
    crass (1.0.6)
    csv (3.3.4)
    daemons (1.4.1)
    date (3.4.1)
    dead_end (4.0.0)
    debug (1.10.0)
      irb (~> 1.10)
      reline (>= 0.3.8)
    debug_inspector (1.2.0)
    delayed_job (4.1.13)
      activesupport (>= 3.0, < 9.0)
    delayed_job_active_record (4.1.11)
      activerecord (>= 3.0, < 9.0)
      delayed_job (>= 3.0, < 5)
    devise (4.9.4)
      bcrypt (~> 3.0)
      orm_adapter (~> 0.1)
      railties (>= 4.1.0)
      responders
      warden (~> 1.2.3)
    devise-i18n (1.13.0)
      devise (>= 4.9.0)
      rails-i18n
    diff-lcs (1.6.1)
    domain_name (0.6.20240107)
    dotenv (3.1.8)
    dotenv-rails (3.1.8)
      dotenv (= 3.1.8)
      railties (>= 6.1)
    drb (2.2.1)
    email_spec (2.3.0)
      htmlentities (~> 4.3.3)
      launchy (>= 2.1, < 4.0)
      mail (~> 2.7)
    email_validator (2.2.4)
      activemodel
    erubi (1.13.1)
    excon (1.2.5)
      logger
    factory_bot (6.5.1)
      activesupport (>= 6.1.0)
    factory_bot_rails (6.4.4)
      factory_bot (~> 6.5)
      railties (>= 5.0.0)
    faraday (1.10.4)
      faraday-em_http (~> 1.0)
      faraday-em_synchrony (~> 1.0)
      faraday-excon (~> 1.1)
      faraday-httpclient (~> 1.0)
      faraday-multipart (~> 1.0)
      faraday-net_http (~> 1.0)
      faraday-net_http_persistent (~> 1.0)
      faraday-patron (~> 1.0)
      faraday-rack (~> 1.0)
      faraday-retry (~> 1.0)
      ruby2_keywords (>= 0.0.4)
    faraday-em_http (1.0.0)
    faraday-em_synchrony (1.0.0)
    faraday-excon (1.1.0)
    faraday-httpclient (1.0.1)
    faraday-multipart (1.1.0)
      multipart-post (~> 2.0)
    faraday-net_http (1.0.2)
    faraday-net_http_persistent (1.2.0)
    faraday-patron (1.0.0)
    faraday-rack (1.0.0)
    faraday-retry (1.0.3)
    feedjira (3.2.5)
      loofah (>= 2.3.1, < 3)
      sax-machine (>= 1.0, < 2)
    ffi (1.17.1-aarch64-linux-gnu)
    ffi (1.17.1-aarch64-linux-musl)
    ffi (1.17.1-arm64-darwin)
    ffi (1.17.1-x86_64-darwin)
    ffi (1.17.1-x86_64-linux-gnu)
    ffi (1.17.1-x86_64-linux-musl)
    fog-aws (3.30.0)
      base64 (~> 0.2.0)
      fog-core (~> 2.6)
      fog-json (~> 1.1)
      fog-xml (~> 0.1)
    fog-core (2.6.0)
      builder
      excon (~> 1.0)
      formatador (>= 0.2, < 2.0)
      mime-types
    fog-json (1.2.0)
      fog-core
      multi_json (~> 1.10)
    fog-xml (0.1.5)
      fog-core
      nokogiri (>= 1.5.11, < 2.0.0)
    formatador (1.1.0)
    geocoder (1.8.5)
      base64 (>= 0.1.0)
      csv (>= 3.0.0)
    globalid (1.2.1)
      activesupport (>= 6.1)
    guard (2.19.1)
      formatador (>= 0.2.4)
      listen (>= 2.7, < 4.0)
      logger (~> 1.6)
      lumberjack (>= 1.0.12, < 2.0)
      nenv (~> 0.1)
      notiffany (~> 0.0)
      ostruct (~> 0.6)
      pry (>= 0.13.0)
      shellany (~> 0.0)
      thor (>= 0.18.1)
    htmlbeautifier (1.4.3)
    htmlentities (4.3.4)
    http-accept (1.7.0)
    http-cookie (1.0.8)
      domain_name (~> 0.5)
    httparty (0.23.1)
      csv
      mini_mime (>= 1.0.0)
      multi_xml (>= 0.5.2)
    i18n (1.14.7)
      concurrent-ruby (~> 1.0)
    image_processing (1.14.0)
      mini_magick (>= 4.9.5, < 6)
      ruby-vips (>= 2.0.17, < 3)
    importmap-rails (2.1.0)
      actionpack (>= 6.0.0)
      activesupport (>= 6.0.0)
      railties (>= 6.0.0)
    io-console (0.8.0)
    ipinfo-rails (1.0.1)
      IPinfo (~> 1.0.1)
      rack (~> 2.0)
    irb (1.15.2)
      pp (>= 0.6.0)
      rdoc (>= 4.0.0)
      reline (>= 0.4.2)
    jaro_winkler (1.6.0)
    jbuilder (2.13.0)
      actionview (>= 5.0.0)
      activesupport (>= 5.0.0)
    jmespath (1.6.2)
    json (2.10.2)
    jsonapi-renderer (0.2.2)
    kramdown (2.5.1)
      rexml (>= 3.3.9)
    kramdown-parser-gfm (1.1.0)
      kramdown (~> 2.0)
    language_server-protocol (3.17.0.4)
    launchy (3.1.1)
      addressable (~> 2.8)
      childprocess (~> 5.0)
      logger (~> 1.6)
    letter_opener (1.10.0)
      launchy (>= 2.2, < 4)
    letter_opener_web (3.0.0)
      actionmailer (>= 6.1)
      letter_opener (~> 1.9)
      railties (>= 6.1)
      rexml
    lint_roller (1.1.0)
    listen (3.9.0)
      rb-fsevent (~> 0.10, >= 0.10.3)
      rb-inotify (~> 0.9, >= 0.9.10)
    logger (1.7.0)
    loofah (2.24.0)
      crass (~> 1.0.2)
      nokogiri (>= 1.12.0)
    lru_redux (1.1.0)
    lumberjack (1.2.10)
    mail (2.8.1)
      mini_mime (>= 0.1.1)
      net-imap
      net-pop
      net-smtp
    marcel (1.0.4)
    matrix (0.4.2)
    method_source (1.1.0)
    mime-types (3.6.2)
      logger
      mime-types-data (~> 3.2015)
    mime-types-data (3.2025.0408)
    mini_magick (5.2.0)
      benchmark
      logger
    mini_mime (1.1.5)
    minitest (5.25.5)
    mocktail (2.0.0)
      sorbet-eraser (~> 0.3.1)
      sorbet-runtime (~> 0.5.9204)
    msgpack (1.8.0)
    multi_json (1.15.0)
    multi_xml (0.7.1)
      bigdecimal (~> 3.1)
    multipart-post (2.4.1)
    nenv (0.3.0)
    net-imap (0.5.6)
      date
      net-protocol
    net-pop (0.1.2)
      net-protocol
    net-protocol (0.2.2)
      timeout
    net-scp (4.1.0)
      net-ssh (>= 2.6.5, < 8.0.0)
    net-sftp (4.0.0)
      net-ssh (>= 5.0.0, < 8.0.0)
    net-smtp (0.5.1)
      net-protocol
    net-ssh (7.3.0)
    netrc (0.11.0)
    nio4r (2.7.4)
    nokogiri (1.18.7-aarch64-linux-gnu)
      racc (~> 1.4)
    nokogiri (1.18.7-aarch64-linux-musl)
      racc (~> 1.4)
    nokogiri (1.18.7-arm64-darwin)
      racc (~> 1.4)
    nokogiri (1.18.7-x86_64-darwin)
      racc (~> 1.4)
    nokogiri (1.18.7-x86_64-linux-gnu)
      racc (~> 1.4)
    nokogiri (1.18.7-x86_64-linux-musl)
      racc (~> 1.4)
    notiffany (0.1.3)
      nenv (~> 0.1)
      shellany (~> 0.0)
    observer (0.1.2)
    orm_adapter (0.5.0)
    ostruct (0.6.1)
    parallel (1.26.3)
    parser (3.3.8.0)
      ast (~> 2.4.1)
      racc
    pg (1.5.9)
    pp (0.6.2)
      prettyprint
    prettyprint (0.2.0)
    prism (1.4.0)
    propshaft (1.1.0)
      actionpack (>= 7.0.0)
      activesupport (>= 7.0.0)
      rack
      railties (>= 7.0.0)
    pry (0.15.2)
      coderay (~> 1.1)
      method_source (~> 1.0)
    psych (5.2.3)
      date
      stringio
    public_suffix (6.0.1)
    puma (6.6.0)
      nio4r (~> 2.0)
    racc (1.8.1)
    rack (2.2.13)
    rack-attack (6.7.0)
      rack (>= 1.0, < 4)
    rack-cors (2.0.2)
      rack (>= 2.0.0)
    rack-session (1.0.2)
      rack (< 3)
    rack-test (2.2.0)
      rack (>= 1.3)
    rackup (1.0.1)
      rack (< 3)
      webrick
    rails (8.0.1)
      actioncable (= 8.0.1)
      actionmailbox (= 8.0.1)
      actionmailer (= 8.0.1)
      actionpack (= 8.0.1)
      actiontext (= 8.0.1)
      actionview (= 8.0.1)
      activejob (= 8.0.1)
      activemodel (= 8.0.1)
      activerecord (= 8.0.1)
      activestorage (= 8.0.1)
      activesupport (= 8.0.1)
      bundler (>= 1.15.0)
      railties (= 8.0.1)
    rails-dom-testing (2.2.0)
      activesupport (>= 5.0.0)
      minitest
      nokogiri (>= 1.6)
    rails-html-sanitizer (1.6.2)
      loofah (~> 2.21)
      nokogiri (>= 1.15.7, != 1.16.7, != 1.16.6, != 1.16.5, != 1.16.4, != 1.16.3, != 1.16.2, != 1.16.1, != 1.16.0.rc1, != 1.16.0)
    rails-i18n (8.0.1)
      i18n (>= 0.7, < 2)
      railties (>= 8.0.0, < 9)
    rails_serve_static_assets (0.0.5)
    railties (8.0.1)
      actionpack (= 8.0.1)
      activesupport (= 8.0.1)
      irb (~> 1.13)
      rackup (>= 1.0.0)
      rake (>= 12.2)
      thor (~> 1.0, >= 1.2.2)
      zeitwerk (~> 2.6)
    rainbow (3.1.1)
    rake (13.2.1)
    rb-fsevent (0.11.2)
    rb-inotify (0.11.1)
      ffi (~> 1.0)
    rbs (3.9.2)
      logger
    rdoc (6.13.1)
      psych (>= 4.0.0)
    recaptcha (5.19.0)
    regexp_parser (2.10.0)
    reline (0.6.1)
      io-console (~> 0.5)
    responders (3.1.1)
      actionpack (>= 5.2)
      railties (>= 5.2)
    rest-client (2.1.0)
      http-accept (>= 1.7.0, < 2.0)
      http-cookie (>= 1.0.2, < 2.0)
      mime-types (>= 1.16, < 4.0)
      netrc (~> 0.8)
    reverse_markdown (3.0.0)
      nokogiri
    rexml (3.4.1)
    rouge (4.5.1)
    rspec-core (3.13.3)
      rspec-support (~> 3.13.0)
    rspec-expectations (3.13.3)
      diff-lcs (>= 1.2.0, < 2.0)
      rspec-support (~> 3.13.0)
    rspec-mocks (3.13.2)
      diff-lcs (>= 1.2.0, < 2.0)
      rspec-support (~> 3.13.0)
    rspec-rails (7.1.1)
      actionpack (>= 7.0)
      activesupport (>= 7.0)
      railties (>= 7.0)
      rspec-core (~> 3.13)
      rspec-expectations (~> 3.13)
      rspec-mocks (~> 3.13)
      rspec-support (~> 3.13)
    rspec-support (3.13.2)
    rubocop (1.75.2)
      json (~> 2.3)
      language_server-protocol (~> 3.17.0.2)
      lint_roller (~> 1.1.0)
      parallel (~> 1.10)
      parser (>= 3.3.0.2)
      rainbow (>= 2.2.2, < 4.0)
      regexp_parser (>= 2.9.3, < 3.0)
      rubocop-ast (>= 1.44.0, < 2.0)
      ruby-progressbar (~> 1.7)
      unicode-display_width (>= 2.4.0, < 4.0)
    rubocop-ast (1.44.1)
      parser (>= 3.3.7.2)
      prism (~> 1.4)
    rubocop-performance (1.25.0)
      lint_roller (~> 1.1)
      rubocop (>= 1.75.0, < 2.0)
      rubocop-ast (>= 1.38.0, < 2.0)
    rubocop-rails (2.31.0)
      activesupport (>= 4.2.0)
      lint_roller (~> 1.1)
      rack (>= 1.1)
      rubocop (>= 1.75.0, < 2.0)
      rubocop-ast (>= 1.38.0, < 2.0)
    rubocop-rspec (3.5.0)
      lint_roller (~> 1.1)
      rubocop (~> 1.72, >= 1.72.1)
    ruby-lsp (0.23.14)
      language_server-protocol (~> 3.17.0)
      prism (>= 1.2, < 2.0)
      rbs (>= 3, < 4)
      sorbet-runtime (>= 0.5.10782)
    ruby-lsp-rails (0.4.0)
      ruby-lsp (>= 0.23.0, < 0.24.0)
    ruby-progressbar (1.13.0)
    ruby-vips (2.2.3)
      ffi (~> 1.12)
      logger
    ruby2_keywords (0.0.5)
    rubyzip (2.4.1)
    sax-machine (1.3.2)
    securerandom (0.4.1)
    selenium-webdriver (4.31.0)
      base64 (~> 0.2)
      logger (~> 1.4)
      rexml (~> 3.2, >= 3.2.5)
      rubyzip (>= 1.2.2, < 3.0)
      websocket (~> 1.0)
    shellany (0.0.1)
    simple_form (5.3.1)
      actionpack (>= 5.2)
      activemodel (>= 5.2)
    solargraph (0.53.4)
      backport (~> 1.2)
      benchmark
      bundler (~> 2.0)
      diff-lcs (~> 1.4)
      jaro_winkler (~> 1.6)
      kramdown (~> 2.3)
      kramdown-parser-gfm (~> 1.1)
      logger (~> 1.6)
      observer (~> 0.1)
      ostruct (~> 0.6)
      parser (~> 3.0)
      rbs (~> 3.3)
      reverse_markdown (>= 2.0, < 4)
      rubocop (~> 1.38)
      thor (~> 1.0)
      tilt (~> 2.0)
      yard (~> 0.9, >= 0.9.24)
      yard-solargraph (~> 0.1)
    sorbet-eraser (0.3.1)
    sorbet-runtime (0.5.12010)
    sshkit (1.24.0)
      base64
      logger
      net-scp (>= 1.1.2)
      net-sftp (>= 2.1.2)
      net-ssh (>= 2.8.0)
      ostruct
    stimulus-rails (1.3.4)
      railties (>= 6.0.0)
    stringio (3.1.6)
    stripe (13.5.0)
    thor (1.3.2)
    tilt (2.6.0)
    timeout (0.4.3)
    trix-rails (2.4.0)
      rails (> 4.1)
    turbo-rails (2.0.13)
      actionpack (>= 7.1.0)
      railties (>= 7.1.0)
    tzinfo (2.0.6)
      concurrent-ruby (~> 1.0)
    unicode-display_width (3.1.4)
      unicode-emoji (~> 4.0, >= 4.0.4)
    unicode-emoji (4.0.4)
    uri (1.0.3)
    useragent (0.16.11)
    verifalia (1.2.0)
      builder (>= 2.1.2)
      rest-client (>= 2.0.0)
    warden (1.2.9)
      rack (>= 2.0.9)
    web-console (4.2.1)
      actionview (>= 6.0.0)
      activemodel (>= 6.0.0)
      bindex (>= 0.4.0)
      railties (>= 6.0.0)
    webrick (1.9.1)
    websocket (1.2.11)
    websocket-driver (0.7.7)
      base64
      websocket-extensions (>= 0.1.0)
    websocket-extensions (0.1.5)
    whenever (1.0.0)
      chronic (>= 0.6.3)
    xpath (3.2.0)
      nokogiri (~> 1.8)
    yard (0.9.37)
    yard-solargraph (0.1.0)
      yard (~> 0.9)
    zeitwerk (2.7.2)

PLATFORMS
  aarch64-linux
  aarch64-linux-gnu
  aarch64-linux-musl
  arm64-darwin
  universal-darwin
  x86_64-linux
  x86_64-linux-gnu
  x86_64-linux-musl

DEPENDENCIES
  actioncable
  actionmailer
  active_model_serializers
  active_storage_validations
  activerecord-import
  activestorage-cloudinary-service
  acts_as_list
  amazing_print
  annotate
  aws-sdk-core (= 3.121.5)
  aws-sdk-s3 (~> 1.104)
  bcrypt
  better_errors
  binding_of_caller
  birthday
  bootsnap
  capistrano (~> 3.16.0)
  capistrano-bundler (~> 2.0)
  capistrano-rails (~> 1.6)
  capybara
  cloudinary
  daemons
  dead_end
  debug (>= 1.0.0)
  delayed_job_active_record
  devise
  devise-i18n
  dotenv-rails
  email_spec
  email_validator
  factory_bot_rails
  feedjira
  fog-aws
  geocoder
  guard
  htmlbeautifier
  httparty
  image_processing (~> 1.2)
  importmap-rails
  ipinfo-rails
  irb
  jbuilder
  letter_opener
  letter_opener_web
  listen
  loofah
  mini_magick
  mocktail
  net-smtp
  nokogiri
  pg
  propshaft
  puma (>= 5.0)
  rack
  rack-attack
  rack-cors
  rails (= 8.0.1)
  rails-i18n
  rails_serve_static_assets
  railties
  recaptcha
  responders
  rspec-rails
  rubocop
  rubocop-performance
  rubocop-rails
  rubocop-rspec
  ruby-lsp-rails
  ruby-vips
  selenium-webdriver
  simple_form
  solargraph
  stimulus-rails
  stringio (~> 3.1, >= 3.1.2)
  stripe (~> 13.5.0)
  trix-rails
  turbo-rails
  tzinfo-data
  verifalia
  web-console
  whenever

RUBY VERSION
   ruby 3.4.2p28

BUNDLED WITH
   2.5.15
